PATH
  remote: .
  specs:
    draft_box (0.0.5)

GEM
  remote: https://rubygems.org/
  specs:

PLATFORMS
  ruby
  x86_64-darwin-21

DEPENDENCIES
  draft_box!

BUNDLED WITH
   2.5.16
